PATH
  remote: .
  specs:
    vermillion-client (0.3.0)
      mime-types
      notifaction

GEM
  remote: https://rubygems.org/
  specs:
    mime-types (3.0)
      mime-types-data (~> 3.2015)
    mime-types-data (3.2016.0221)
    notifaction (0.0.9)
    rake (10.4.2)

PLATFORMS
  ruby

DEPENDENCIES
  bundler (~> 1.10)
  rake (~> 10.0)
  vermillion-client!

BUNDLED WITH
   1.11.2
